GEM
  remote: https://rubygems.org/
  specs:
    diff-lcs (1.3)
    json_spec (1.1.5)
      multi_json (~> 1.0)
      rspec (>= 2.0, < 4.0)
    multi_json (1.12.1)
    net-http-server (0.2.2)
      parslet (~> 1.0)
    parslet (1.8.0)
    rspec (3.6.0)
      rspec-core (~> 3.6.0)
      rspec-expectations (~> 3.6.0)
      rspec-mocks (~> 3.6.0)
    rspec-core (3.6.0)
      rspec-support (~> 3.6.0)
    rspec-expectations (3.6.0)
      diff-lcs (>= 1.2.0, < 2.0)
      rspec-support (~> 3.6.0)
    rspec-mocks (3.6.0)
      diff-lcs (>= 1.2.0, < 2.0)
      rspec-support (~> 3.6.0)
    rspec-support (3.6.0)
    rubysl-open-uri (2.0.0)
    rubysl-pathname (2.3)

PLATFORMS
  x64-mingw32

DEPENDENCIES
  json_spec
  net-http-server
  rubysl-open-uri
  rubysl-pathname

BUNDLED WITH
   1.15.1
